GEM
  remote: https://rubygems.org/
  specs:
    builder (3.2.2)
    coderay (1.1.2)
    ims-lti (1.0.2)
      builder
      oauth (~> 0.4.5)
      uuid
    macaddr (1.7.1)
      systemu (~> 2.6.2)
    method_source (0.9.0)
    mustermann (1.0.2)
    oauth (0.4.7)
    pry (0.11.3)
      coderay (~> 1.1.0)
      method_source (~> 0.9.0)
    rack (2.0.4)
    rack-protection (2.0.1)
      rack
    shotgun (0.9.2)
      rack (>= 1.0)
    sinatra (2.0.1)
      mustermann (~> 1.0)
      rack (~> 2.0)
      rack-protection (= 2.0.1)
      tilt (~> 2.0)
    systemu (2.6.5)
    tilt (2.0.8)
    uuid (2.3.8)
      macaddr (~> 1.0)

PLATFORMS
  ruby

DEPENDENCIES
  ims-lti (~> 1.0.2)
  pry
  shotgun
  sinatra

BUNDLED WITH
   1.16.1
