GIT
  remote: https://github.com/instructure/ims-lti.git
  revision: 7f176e17de742a2645196541361dcba291e1cbe9
  branch: 1.2.x
  specs:
    ims-lti (1.2.4)
      builder (>= 1.0, < 4.0)
      oauth (>= 0.4.5, < 0.6)

GEM
  remote: https://rubygems.org/
  specs:
    builder (3.2.4)
    mustermann (1.1.1)
      ruby2_keywords (~> 0.0.1)
    oauth (0.5.6)
    rack (2.2.3)
    rack-protection (2.1.0)
      rack
    ruby2_keywords (0.0.4)
    shotgun (0.9.2)
      rack (>= 1.0)
    sinatra (2.1.0)
      mustermann (~> 1.0)
      rack (~> 2.2)
      rack-protection (= 2.1.0)
      tilt (~> 2.0)
    tilt (2.0.10)

PLATFORMS
  x86_64-darwin-19

DEPENDENCIES
  ims-lti!
  shotgun
  sinatra

BUNDLED WITH
   2.2.16
